GEM
  remote: http://rubygems.org/
  specs:
    activesupport (3.2.11)
      i18n (~> 0.6)
      multi_json (~> 1.0)
    facets (2.9.3)
    i18n (0.6.1)
    multi_json (1.6.1)
    trollop (2.0)

PLATFORMS
  ruby

DEPENDENCIES
  activesupport
  facets
  trollop
